NUGET
  remote: https://api.nuget.org/v3/index.json
    ManagedEsent (1.9.4) - restriction: >= net461
    Microsoft.Build (15.3.409) - restriction: >= net461
      Microsoft.Build.Framework (15.3.409) - restriction: || (>= net46) (>= netstandard1.5)
      System.Collections.Immutable (>= 1.3.1) - restriction: >= net46
      System.Runtime.InteropServices.RuntimeInformation (>= 4.3) - restriction: >= net46
    Microsoft.Build.Framework (15.3.409) - restriction: >= net461
      System.Collections (>= 4.0.11) - restriction: >= netstandard1.3
      System.Diagnostics.Debug (>= 4.0.11) - restriction: >= netstandard1.3
      System.Globalization (>= 4.0.11) - restriction: >= netstandard1.3
      System.Linq (>= 4.1) - restriction: >= netstandard1.3
      System.Resources.ResourceManager (>= 4.0.1) - restriction: >= netstandard1.3
      System.Runtime (>= 4.1) - restriction: >= netstandard1.3
      System.Runtime.InteropServices (>= 4.1) - restriction: >= netstandard1.3
      System.Threading (>= 4.0.11) - restriction: >= netstandard1.3
      System.Threading.Thread (>= 4.0) - restriction: >= netstandard1.3
    Microsoft.Build.Tasks.Core (15.3.409) - restriction: >= net461
      Microsoft.Build.Framework (15.3.409) - restriction: >= netstandard1.3
      Microsoft.Build.Utilities.Core (15.3.409) - restriction: >= netstandard1.3
      System.Collections.Immutable (>= 1.3.1) - restriction: >= net46
      System.Reflection.Metadata (>= 1.3) - restriction: >= netstandard1.3
      System.Runtime.InteropServices.RuntimeInformation (>= 4.3) - restriction: >= net46
    Microsoft.Build.Utilities.Core (15.3.409) - restriction: >= net461
      Microsoft.Build.Framework (15.3.409) - restriction: >= netstandard1.3
      System.Runtime.InteropServices.RuntimeInformation (>= 4.3) - restriction: >= net46
    Microsoft.CodeAnalysis (2.3.2) - restriction: >= net461
      Microsoft.CodeAnalysis.CSharp.Workspaces (2.3.2)
      Microsoft.CodeAnalysis.VisualBasic.Workspaces (2.3.2)
    Microsoft.CodeAnalysis.Analyzers (2.3.0-beta1) - restriction: >= net461
    Microsoft.CodeAnalysis.Common (2.3.2) - restriction: >= net461
      Microsoft.CodeAnalysis.Analyzers (>= 1.1) - restriction: >= netstandard1.3
      System.AppContext (>= 4.3) - restriction: >= netstandard1.3
      System.Collections (>= 4.3) - restriction: >= netstandard1.3
      System.Collections.Concurrent (>= 4.3) - restriction: >= netstandard1.3
      System.Collections.Immutable (>= 1.3.1) - restriction: >= netstandard1.3
      System.Console (>= 4.3) - restriction: >= netstandard1.3
      System.Diagnostics.Debug (>= 4.3) - restriction: >= netstandard1.3
      System.Diagnostics.FileVersionInfo (>= 4.3) - restriction: >= netstandard1.3
      System.Diagnostics.StackTrace (>= 4.3) - restriction: >= netstandard1.3
      System.Diagnostics.Tools (>= 4.3) - restriction: >= netstandard1.3
      System.Dynamic.Runtime (>= 4.3) - restriction: >= netstandard1.3
      System.Globalization (>= 4.3) - restriction: >= netstandard1.3
      System.IO.Compression (>= 4.3) - restriction: >= netstandard1.3
      System.IO.FileSystem (>= 4.3) - restriction: >= netstandard1.3
      System.IO.FileSystem.Primitives (>= 4.3) - restriction: >= netstandard1.3
      System.Linq (>= 4.3) - restriction: >= netstandard1.3
      System.Linq.Expressions (>= 4.3) - restriction: >= netstandard1.3
      System.Reflection (>= 4.3) - restriction: >= netstandard1.3
      System.Reflection.Metadata (>= 1.4.2) - restriction: >= netstandard1.3
      System.Resources.ResourceManager (>= 4.3) - restriction: >= netstandard1.3
      System.Runtime (>= 4.3) - restriction: >= netstandard1.3
      System.Runtime.Extensions (>= 4.3) - restriction: >= netstandard1.3
      System.Runtime.InteropServices (>= 4.3) - restriction: >= netstandard1.3
      System.Runtime.Numerics (>= 4.3) - restriction: >= netstandard1.3
      System.Security.Cryptography.Algorithms (>= 4.3) - restriction: >= netstandard1.3
      System.Security.Cryptography.Encoding (>= 4.3) - restriction: >= netstandard1.3
      System.Security.Cryptography.X509Certificates (>= 4.3) - restriction: >= netstandard1.3
      System.Text.Encoding (>= 4.3) - restriction: >= netstandard1.3
      System.Text.Encoding.CodePages (>= 4.3) - restriction: >= netstandard1.3
      System.Text.Encoding.Extensions (>= 4.3) - restriction: >= netstandard1.3
      System.Threading (>= 4.3) - restriction: >= netstandard1.3
      System.Threading.Tasks (>= 4.3) - restriction: >= netstandard1.3
      System.Threading.Tasks.Parallel (>= 4.3) - restriction: >= netstandard1.3
      System.Threading.Thread (>= 4.3) - restriction: >= netstandard1.3
      System.ValueTuple (>= 4.3) - restriction: >= netstandard1.3
      System.Xml.ReaderWriter (>= 4.3) - restriction: >= netstandard1.3
      System.Xml.XDocument (>= 4.3) - restriction: >= netstandard1.3
      System.Xml.XmlDocument (>= 4.3) - restriction: >= netstandard1.3
      System.Xml.XPath.XDocument (>= 4.3) - restriction: >= netstandard1.3
    Microsoft.CodeAnalysis.CSharp (2.3.2) - restriction: >= net461
      Microsoft.CodeAnalysis.Common (2.3.2)
    Microsoft.CodeAnalysis.CSharp.Workspaces (2.3.2) - restriction: >= net461
      Microsoft.CodeAnalysis.CSharp (2.3.2)
      Microsoft.CodeAnalysis.Workspaces.Common (2.3.2)
    Microsoft.CodeAnalysis.VisualBasic (2.3.2) - restriction: >= net461
      Microsoft.CodeAnalysis.Common (>= 2.3.2)
    Microsoft.CodeAnalysis.VisualBasic.Workspaces (2.3.2) - restriction: >= net461
      Microsoft.CodeAnalysis.VisualBasic (2.3.2)
      Microsoft.CodeAnalysis.Workspaces.Common (2.3.2)
    Microsoft.CodeAnalysis.Workspaces.Common (2.3.2) - restriction: >= net461
      ManagedEsent (>= 1.9.4) - restriction: >= net46
      Microsoft.CodeAnalysis.Common (2.3.2) - restriction: >= netstandard1.3
      System.Composition (>= 1.0.31) - restriction: >= netstandard1.3
    Microsoft.Net.Compilers (2.3.2) - restriction: >= net461
    System.AppContext (4.3) - restriction: >= net461
    System.Collections (4.3) - restriction: >= net461
    System.Collections.Concurrent (4.3) - restriction: >= net461
    System.Collections.Immutable (1.3.1) - restriction: >= net461
    System.Composition (1.0.31) - restriction: >= net461
      System.Composition.AttributedModel (>= 1.0.31)
      System.Composition.Convention (>= 1.0.31)
      System.Composition.Hosting (>= 1.0.31)
      System.Composition.Runtime (>= 1.0.31)
      System.Composition.TypedParts (>= 1.0.31)
    System.Composition.AttributedModel (1.0.31) - restriction: >= net461
    System.Composition.Convention (1.0.31) - restriction: >= net461
      System.Composition.AttributedModel (>= 1.0.31) - restriction: || (>= net45) (&& (>= netstandard1.0) (< win8)) (&& (< netstandard1.0) (>= monoandroid)) (&& (< netstandard1.0) (>= win8)) (>= monotouch) (>= xamarintvos) (>= xamarinwatchos) (>= xamarinios) (>= xamarinmac) (>= wp8) (>= wpa81)
    System.Composition.Hosting (1.0.31) - restriction: >= net461
      System.Composition.Runtime (>= 1.0.31) - restriction: || (>= net45) (&& (>= netstandard1.0) (< win8)) (&& (< netstandard1.0) (>= monoandroid)) (&& (< netstandard1.0) (>= win8)) (>= monotouch) (>= xamarintvos) (>= xamarinwatchos) (>= xamarinios) (>= xamarinmac) (>= wp8) (>= wpa81)
    System.Composition.Runtime (1.0.31) - restriction: >= net461
    System.Composition.TypedParts (1.0.31) - restriction: >= net461
      System.Composition.AttributedModel (>= 1.0.31) - restriction: || (>= net45) (&& (>= netstandard1.0) (< win8)) (&& (< netstandard1.0) (>= monoandroid)) (&& (< netstandard1.0) (>= win8)) (>= monotouch) (>= xamarintvos) (>= xamarinwatchos) (>= xamarinios) (>= xamarinmac) (>= wp8) (>= wpa81)
      System.Composition.Hosting (>= 1.0.31) - restriction: || (>= net45) (&& (>= netstandard1.0) (< win8)) (&& (< netstandard1.0) (>= monoandroid)) (&& (< netstandard1.0) (>= win8)) (>= monotouch) (>= xamarintvos) (>= xamarinwatchos) (>= xamarinios) (>= xamarinmac) (>= wp8) (>= wpa81)
      System.Composition.Runtime (>= 1.0.31) - restriction: || (>= net45) (&& (>= netstandard1.0) (< win8)) (&& (< netstandard1.0) (>= monoandroid)) (&& (< netstandard1.0) (>= win8)) (>= monotouch) (>= xamarintvos) (>= xamarinwatchos) (>= xamarinios) (>= xamarinmac) (>= wp8) (>= wpa81)
    System.Console (4.3) - restriction: >= net461
    System.Diagnostics.Debug (4.3) - restriction: >= net461
    System.Diagnostics.FileVersionInfo (4.3) - restriction: >= net461
    System.Diagnostics.StackTrace (4.3) - restriction: >= net461
    System.Diagnostics.Tools (4.3) - restriction: >= net461
    System.Dynamic.Runtime (4.3) - restriction: >= net461
    System.Globalization (4.3) - restriction: >= net461
    System.IO (4.3) - restriction: || (&& (< net46) (>= net461)) (&& (>= net461) (>= dnxcore50)) (&& (>= net461) (>= netstandard1.6)) (>= net463)
    System.IO.Compression (4.3) - restriction: >= net461
    System.IO.FileSystem (4.3) - restriction: >= net461
      System.IO.FileSystem.Primitives (>= 4.3) - restriction: || (>= net46) (&& (>= netstandard1.3) (< monotouch) (< xamarintvos) (< xamarinwatchos) (< xamarinios) (< xamarinmac))
    System.IO.FileSystem.Primitives (4.3) - restriction: >= net461
    System.Linq (4.3) - restriction: >= net461
    System.Linq.Expressions (4.3) - restriction: >= net461
    System.Reflection (4.3) - restriction: >= net461
    System.Reflection.Metadata (1.4.2) - restriction: >= net461
      System.Collections.Immutable (>= 1.3.1) - restriction: || (>= net45) (&& (>= netstandard1.1) (< win8)) (&& (< netstandard1.1) (>= monoandroid)) (&& (< netstandard1.1) (>= win8)) (>= monotouch) (>= xamarintvos) (>= xamarinwatchos) (>= xamarinios) (>= xamarinmac) (>= wpa81)
    System.Resources.ResourceManager (4.3) - restriction: >= net461
    System.Runtime (4.3) - restriction: >= net461
    System.Runtime.Extensions (4.3) - restriction: >= net461
    System.Runtime.InteropServices (4.3) - restriction: >= net461
      System.Runtime (>= 4.3) - restriction: || (&& (< net45) (>= netstandard1.1) (< netstandard1.2) (< monoandroid) (< win8)) (&& (< net45) (>= netstandard1.2) (< netstandard1.3) (< monoandroid) (< win8) (< wpa81)) (&& (< net45) (>= netstandard1.3) (< netstandard1.5) (< monoandroid) (< win8) (< wpa81)) (&& (< net45) (>= netstandard1.5) (< monotouch) (< xamarintvos) (< xamarinwatchos) (< xamarinios) (< xamarinmac)) (>= net462) (>= dnxcore50) (>= netcoreapp1.1)
    System.Runtime.InteropServices.RuntimeInformation (4.3) - restriction: >= net461
    System.Runtime.Numerics (4.3) - restriction: >= net461
    System.Security.Cryptography.Algorithms (4.3) - restriction: >= net461
      System.IO (>= 4.3) - restriction: || (&& (< net46) (>= netstandard1.3) (< netstandard1.4) (< monoandroid)) (&& (< net46) (>= netstandard1.4) (< netstandard1.6) (< monoandroid)) (>= net463) (>= dnxcore50) (&& (>= netstandard1.6) (< monotouch) (< xamarintvos) (< xamarinwatchos) (< xamarinios) (< xamarinmac))
      System.Runtime (>= 4.3) - restriction: || (&& (< net46) (>= netstandard1.3) (< netstandard1.4) (< monoandroid)) (&& (< net46) (>= netstandard1.4) (< netstandard1.6) (< monoandroid)) (>= net463) (>= dnxcore50) (&& (>= netstandard1.6) (< monotouch) (< xamarintvos) (< xamarinwatchos) (< xamarinios) (< xamarinmac))
      System.Security.Cryptography.Encoding (>= 4.3) - restriction: || (>= net463) (>= dnxcore50) (&& (>= netstandard1.6) (< monotouch) (< xamarintvos) (< xamarinwatchos) (< xamarinios) (< xamarinmac))
      System.Security.Cryptography.Primitives (>= 4.3) - restriction: || (&& (>= net46) (< netstandard1.4)) (&& (< net46) (>= netstandard1.3) (< netstandard1.4) (< monoandroid)) (&& (< net46) (>= netstandard1.4) (< netstandard1.6) (< monoandroid)) (>= net461) (>= dnxcore50) (&& (>= netstandard1.6) (< monotouch) (< xamarintvos) (< xamarinwatchos) (< xamarinios) (< xamarinmac))
    System.Security.Cryptography.Encoding (4.3) - restriction: >= net461
    System.Security.Cryptography.Primitives (4.3) - restriction: >= net461
    System.Security.Cryptography.X509Certificates (4.3) - restriction: >= net461
      System.Security.Cryptography.Algorithms (>= 4.3) - restriction: || (&& (>= net46) (< netstandard1.4)) (&& (< net46) (>= netstandard1.3) (< netstandard1.4) (< monoandroid)) (&& (< net46) (>= netstandard1.4) (< netstandard1.6) (< monoandroid)) (>= net461) (>= dnxcore50) (&& (>= netstandard1.6) (< monotouch) (< xamarintvos) (< xamarinwatchos) (< xamarinios) (< xamarinmac))
      System.Security.Cryptography.Encoding (>= 4.3) - restriction: || (&& (>= net46) (< netstandard1.4)) (&& (< net46) (>= netstandard1.3) (< netstandard1.4) (< monoandroid)) (&& (< net46) (>= netstandard1.4) (< netstandard1.6) (< monoandroid)) (>= net461) (>= dnxcore50) (&& (>= netstandard1.6) (< monotouch) (< xamarintvos) (< xamarinwatchos) (< xamarinios) (< xamarinmac))
    System.Text.Encoding (4.3) - restriction: >= net461
    System.Text.Encoding.CodePages (4.3) - restriction: >= net461
    System.Text.Encoding.Extensions (4.3) - restriction: >= net461
    System.Threading (4.3) - restriction: >= net461
    System.Threading.Tasks (4.3) - restriction: >= net461
    System.Threading.Tasks.Parallel (4.3) - restriction: >= net461
    System.Threading.Thread (4.3) - restriction: >= net461
    System.ValueTuple (4.3) - restriction: >= net461
    System.Xml.ReaderWriter (4.3) - restriction: >= net461
    System.Xml.XDocument (4.3) - restriction: >= net461
    System.Xml.XmlDocument (4.3) - restriction: >= net461
    System.Xml.XPath (4.3) - restriction: >= net461
    System.Xml.XPath.XDocument (4.3) - restriction: >= net461
      System.Xml.XPath (>= 4.3) - restriction: || (>= net46) (&& (>= netstandard1.3) (< monotouch) (< xamarintvos) (< xamarinwatchos) (< xamarinios) (< xamarinmac))
